GEM
  remote: https://rubygems.org/
  specs:
    coderay (1.0.9)
    dotenv (0.8.0)
    em-websocket (0.5.0)
      eventmachine (>= 0.12.9)
      http_parser.rb (~> 0.5.3)
    eventmachine (1.0.3)
    foreman (0.63.0)
      dotenv (>= 0.7)
      thor (>= 0.13.6)
    hashr (0.0.22)
    http_parser.rb (0.5.3)
    json (1.8.0)
    method_source (0.8.2)
    pg (0.16.0)
    pry (0.9.12.2)
      coderay (~> 1.0.5)
      method_source (~> 0.8)
      slop (~> 3.4)
    rake (10.1.0)
    sequel (4.0.0)
    slop (3.4.6)
    thor (0.18.1)
    travis-lint (1.7.0)
      hashr (~> 0.0.22)

PLATFORMS
  ruby

DEPENDENCIES
  em-websocket
  eventmachine
  foreman
  json
  pg
  pry
  rake
  sequel
  travis-lint
